PATH
  remote: .
  specs:
    clickup (0.1.0)
      httparty

GEM
  remote: https://rubygems.org/
  specs:
    httparty (0.16.2)
      multi_xml (>= 0.5.2)
    minitest (5.11.3)
    multi_xml (0.6.0)
    rake (12.3.3)

PLATFORMS
  ruby

DEPENDENCIES
  bundler (~> 1.16)
  clickup!
  minitest (~> 5.0)
  rake (~> 12.3)

BUNDLED WITH
   1.16.1
